GEM
  remote: https://rubygems.org/
  specs:
    localhost (1.3.1)
    nio4r (2.7.3)
    puma (6.4.2)
      nio4r (~> 2.0)
    rack (3.1.7)
    rackup (2.1.0)
      rack (>= 3)
      webrick (~> 1.8)
    webrick (1.8.1)

PLATFORMS
  ruby
  x86_64-darwin-22

DEPENDENCIES
  localhost (~> 1.3)
  puma (~> 6.4)
  rack (~> 3.1)
  rackup (~> 2.1)

BUNDLED WITH
   2.5.9
